GIT
  remote: git://github.com/jvaill/sprockets.git
  revision: 6327a13e77609991509c8cf3d3c1e571f6a4b23d
  branch: master
  specs:
    sprockets (2.9.2)
      hike (~> 1.2)
      multi_json (~> 1.0)
      rack (~> 1.0)
      tilt (~> 1.1, != 1.3.0)

GIT
  remote: git://github.com/jvatic/lodash-assets.git
  revision: 34bfb392e2407053d6cf28f76c884c6e77df34e8
  branch: master
  specs:
    lodash-assets (0.0.1)
      execjs (>= 1.2.9)
      sprockets (>= 2.0.3)
      tilt (>= 1.3.3)
      yajl-ruby

GIT
  remote: git://github.com/jvatic/marbles-js.git
  revision: 35d07009d16cc0945cc63dd939959d71070004dc
  branch: master
  specs:
    marbles-js (0.0.3)

GIT
  remote: git://github.com/tent/api-validator.git
  revision: c2ff9da93e72ca9af27b54a050319bab99dec052
  branch: master
  specs:
    api-validator (0.0.1)
      json-pointer

GIT
  remote: git://github.com/tent/hawk-ruby.git
  revision: 2e68e397f3853787e7bc6f075d9afee71cef3d2d
  branch: master
  specs:
    hawk-auth (0.2.1)

GIT
  remote: git://github.com/tent/icing.git
  revision: 90c29ef38406cbed8d86d1cfc951a40727a38db1
  branch: master
  specs:
    icing (0.0.1)
      compass (~> 0.12.2)
      sass
      sprockets (~> 2.0)
      sprockets-helpers (~> 0.2)
      sprockets-sass (~> 0.5)

GIT
  remote: git://github.com/tent/json-pointer-ruby.git
  revision: ade5fea30acd9c85c3886db62e83d68e3b5919bb
  branch: master
  specs:
    json-pointer (0.0.2)

GIT
  remote: git://github.com/tent/marbles-tent-client-js.git
  revision: aaba918888a240da8f6adca591ce5af421deb969
  branch: master
  specs:
    marbles-tent-client-js (0.0.1)

GIT
  remote: git://github.com/tent/omniauth-tent.git
  revision: 03a26e96db40554d783c6d12a79054f81991afd8
  branch: master
  specs:
    omniauth-tent (0.2.0)
      omniauth (~> 1.1.1)
      tent-client

GIT
  remote: git://github.com/tent/rack-putty.git
  revision: ebb5a62dc895ce0b73fa6cd3dda330226f42beb9
  branch: master
  specs:
    rack-putty (0.0.1)
      rack-mount (~> 0.8.3)

GIT
  remote: git://github.com/tent/sequel-json.git
  revision: 5412015d8053fc1ec85f220d1974c83436d8f379
  branch: master
  specs:
    sequel-json (0.0.1)
      sequel
      yajl-ruby

GIT
  remote: git://github.com/tent/tent-admin.git
  revision: 2896e5379aa915be72efb94b04f67b40943b5b04
  branch: master
  specs:
    tent-admin (0.0.1)
      coffee-script
      icing
      lodash-assets
      marbles-js
      marbles-tent-client-js
      mimetype-fu
      omniauth-tent
      pg
      rack-putty
      sass
      sequel (= 3.46)
      sequel-json
      sprockets (~> 2.0)

GIT
  remote: git://github.com/tent/tent-canonical-json-ruby.git
  revision: 2218198fd38eafc399ec5f50df28c8e9850613dd
  branch: master
  specs:
    tent-canonical-json (0.0.2)
      json-pointer
      yajl-ruby

GIT
  remote: git://github.com/tent/tent-client-ruby.git
  revision: 84f66e6ed4ba40778e07725b26194cabe2859e66
  branch: master
  specs:
    tent-client (0.2.1)
      faraday (= 0.8.4)
      faraday_middleware (= 0.8.8)
      faraday_middleware-multi_json
      hawk-auth
      nokogiri
      yajl-ruby

GIT
  remote: git://github.com/tent/tent-schemas.git
  revision: 48deddffd39739603bf01ec88ff195a8503ae4cd
  branch: master
  specs:
    tent-schemas (0.2.0)
      json-schema (= 2.0.0)

GIT
  remote: git://github.com/tent/tent-status.git
  revision: 35c1b09b3b34a25abb5819343595f54b5d4110bb
  branch: master
  specs:
    tent-status (0.2.0)
      coffee-script
      icing
      lodash-assets
      marbles-js
      marbles-tent-client-js
      mimetype-fu
      omniauth-tent
      pg
      rack-putty
      sequel (= 3.46)
      sequel-json
      sprockets (~> 2.0)
      sprockets-sass (~> 0.5)
      tent-client

GIT
  remote: git://github.com/tent/tentd.git
  revision: a37b85b869395f6e09a79a5d36e3f3eff4823c12
  branch: master
  specs:
    tentd (0.2.0)
      api-validator
      fog
      hawk-auth
      pg
      rack-putty
      sequel (= 3.46.0)
      sequel-json
      sequel-pg_array
      sequel_pg
      sidekiq
      tent-canonical-json
      tent-client
      tent-schemas
      unicorn
      yajl-ruby

PATH
  remote: .
  specs:
    tentd-omnibus (0.0.1)
      bcrypt-ruby
      mimetype-fu
      rack-putty
      sidekiq
      tent-status
      tentd (~> 0.2)
      unicorn

GEM
  remote: https://rubygems.org/
  specs:
    bcrypt-ruby (3.1.1)
    builder (3.2.2)
    celluloid (0.14.1)
      timers (>= 1.0.0)
    chunky_png (1.2.8)
    coffee-script (2.2.0)
      coffee-script-source
      execjs
    coffee-script-source (1.6.3)
    compass (0.12.2)
      chunky_png (~> 1.2)
      fssm (>= 0.2.7)
      sass (~> 3.1)
    connection_pool (1.1.0)
    dalli (2.6.4)
    excon (0.25.3)
    execjs (1.4.0)
      multi_json (~> 1.0)
    faraday (0.8.4)
      multipart-post (~> 1.1)
    faraday_middleware (0.8.8)
      faraday (>= 0.7.4, < 0.9)
    faraday_middleware-multi_json (0.0.5)
      faraday_middleware
      multi_json
    fog (1.15.0)
      builder
      excon (~> 0.25.0)
      formatador (~> 0.2.0)
      mime-types
      multi_json (~> 1.0)
      net-scp (~> 1.1)
      net-ssh (>= 2.1.3)
      nokogiri (~> 1.5)
      ruby-hmac
    formatador (0.2.4)
    fssm (0.2.10)
    hashie (2.0.5)
    hike (1.2.3)
    json (1.8.0)
    json-schema (2.0.0)
    kgio (2.8.0)
    memcachier (0.0.2)
    mime-types (1.24)
    mimetype-fu (0.1.2)
    mini_portile (0.5.1)
    multi_json (1.7.9)
    multipart-post (1.2.0)
    net-scp (1.1.2)
      net-ssh (>= 2.6.5)
    net-ssh (2.6.8)
    nokogiri (1.6.0)
      mini_portile (~> 0.5.0)
    omniauth (1.1.4)
      hashie (>= 1.2, < 3)
      rack
    pg (0.16.0)
    rack (1.5.2)
    rack-mount (0.8.3)
      rack (>= 1.0.0)
    rack-ssl-enforcer (0.2.5)
    raindrops (0.11.0)
    rainpress (1.0)
    rake (10.1.0)
    redis (3.0.4)
    redis-namespace (1.3.1)
      redis (~> 3.0.0)
    ruby-hmac (0.4.0)
    sass (3.2.9)
    sequel (3.46.0)
    sequel-pg_array (0.0.1)
    sequel_pg (1.6.8)
      pg (>= 0.8.0)
      sequel (>= 3.39.0)
    sidekiq (2.14.0)
      celluloid (>= 0.14.1)
      connection_pool (>= 1.0.0)
      json
      redis (>= 3.0.4)
      redis-namespace
    sprockets-helpers (0.9.1)
      sprockets (~> 2.0)
    sprockets-rainpress (0.0.1)
      rainpress
      sprockets
    sprockets-sass (0.9.1)
      sprockets (~> 2.0)
      tilt (~> 1.1)
    tilt (1.4.1)
    timers (1.1.0)
    uglifier (2.1.2)
      execjs (>= 0.3.0)
      multi_json (~> 1.0, >= 1.0.2)
    unicorn (4.6.3)
      kgio (~> 2.6)
      rack
      raindrops (~> 0.7)
    yajl-ruby (1.1.0)

PLATFORMS
  ruby

DEPENDENCIES
  api-validator!
  dalli
  hawk-auth!
  icing!
  json-pointer!
  lodash-assets!
  marbles-js!
  marbles-tent-client-js!
  memcachier
  omniauth-tent!
  rack-putty!
  rack-ssl-enforcer
  rake
  sequel
  sequel-json!
  sequel_pg
  sprockets!
  sprockets-rainpress
  tent-admin!
  tent-canonical-json!
  tent-client!
  tent-schemas!
  tent-status!
  tentd!
  tentd-omnibus!
  uglifier
